GEM
  remote: https://rubygems.org/
  specs:
    base64 (0.2.0)
    better_errors (1.1.0)
      coderay (>= 1.0.0)
      erubis (>= 2.6.6)
    bigdecimal (3.1.8)
    coderay (1.1.3)
    erubis (2.7.0)
    haml (5.1.2)
      temple (>= 0.8.0)
      tilt
    logger (1.6.1)
    multi_json (1.15.0)
    mustermann (3.0.3)
      ruby2_keywords (~> 0.0.1)
    mysql2 (0.5.6)
    mysql2-cs-bind (0.1.1)
      mysql2
    nio4r (2.7.4)
    puma (6.5.0)
      nio4r (~> 2.0)
    rack (3.1.8)
    rack-protection (4.1.1)
      base64 (>= 0.1.0)
      logger (>= 1.6.0)
      rack (>= 3.0.0, < 4)
    rack-session (2.0.0)
      rack (>= 3.0.0)
    rackup (2.2.1)
      rack (>= 3)
    rexml (3.3.9)
    ruby-graphviz (1.2.5)
      rexml
    ruby2_keywords (0.0.5)
    sinatra (4.1.1)
      logger (>= 1.6.0)
      mustermann (~> 3.0)
      rack (>= 3.0.0, < 4)
      rack-protection (= 4.1.1)
      rack-session (>= 2.0.0, < 3)
      tilt (~> 2.0)
    sinatra-contrib (4.1.1)
      multi_json (>= 0.0.2)
      mustermann (~> 3.0)
      rack-protection (= 4.1.1)
      sinatra (= 4.1.1)
      tilt (~> 2.0)
    stackprof (0.2.26)
    stackprof-webnav (1.0.4)
      better_errors (~> 1.1.0)
      haml (~> 5.1.2)
      rackup (>= 1.0.0, < 3.0.0)
      ruby-graphviz (~> 1.2.4)
      sinatra (>= 2.1.0, < 5.0.0)
      sinatra-contrib (>= 2.1.0, < 5.0.0)
      stackprof (>= 0.2.13)
      webrick (~> 1.7)
    temple (0.10.3)
    tilt (2.4.0)
    ulid (1.4.0)
    webrick (1.9.1)

PLATFORMS
  ruby

DEPENDENCIES
  bigdecimal
  mysql2
  mysql2-cs-bind
  puma
  sinatra
  sinatra-contrib
  stackprof
  stackprof-webnav
  ulid

BUNDLED WITH
   2.5.22
